GEM
  remote: https://rubygems.org/
  specs:
    coffee-script (2.3.0)
      coffee-script-source
      execjs
    coffee-script-source (1.8.0)
    execjs (2.2.1)
    rake (12.3.3)
    rb-fsevent (0.9.4)
    sass (3.4.5)

PLATFORMS
  ruby

DEPENDENCIES
  coffee-script
  rake
  rb-fsevent (~> 0.9)
  sass
